GIT
  remote: git://github.com/zacstewart/tengai.git
  revision: 2db64007992ddce96a8251e01dbd4122ee30b9d5
  specs:
    tengai (0.0.1)

GEM
  remote: https://rubygems.org/
  specs:
    rack (1.4.1)
    rack-protection (1.2.0)
      rack
    sinatra (1.3.3)
      rack (~> 1.3, >= 1.3.6)
      rack-protection (~> 1.2)
      tilt (~> 1.3, >= 1.3.3)
    tilt (1.3.3)

PLATFORMS
  ruby

DEPENDENCIES
  sinatra
  tengai!
