GIT
  remote: git://github.com/zacstewart/tengai.git
  revision: a56caa15477016fb936be64944d709101af9b495
  specs:
    tengai (0.0.1)
      virtus

GEM
  remote: https://rubygems.org/
  specs:
    backports (2.6.7)
    descendants_tracker (0.0.1)
    rack (1.4.1)
    rack-protection (1.2.0)
      rack
    sinatra (1.3.3)
      rack (~> 1.3, >= 1.3.6)
      rack-protection (~> 1.2)
      tilt (~> 1.3, >= 1.3.3)
    tilt (1.3.3)
    virtus (0.5.4)
      backports (~> 2.6.1)
      descendants_tracker (~> 0.0.1)

PLATFORMS
  ruby

DEPENDENCIES
  sinatra
  tengai!
