GIT
  remote: git://github.com/zacstewart/tengai.git
  revision: 6beb9b002073456d2b919cf1d37802d7c5225feb
  specs:
    tengai (0.0.1)
      virtus

GEM
  remote: https://rubygems.org/
  specs:
    backports (2.6.7)
    descendants_tracker (0.0.1)
    rack (1.5.2)
    rack-protection (1.5.0)
      rack
    sinatra (1.4.2)
      rack (~> 1.5, >= 1.5.2)
      rack-protection (~> 1.4)
      tilt (~> 1.3, >= 1.3.4)
    tilt (1.3.6)
    virtus (0.5.4)
      backports (~> 2.6.1)
      descendants_tracker (~> 0.0.1)

PLATFORMS
  ruby

DEPENDENCIES
  sinatra
  tengai!
